GEM
  remote: https://rubygems.org/
  specs:
    builder (3.2.2)
    sitemap_generator (5.1.0)
      builder

PLATFORMS
  ruby

DEPENDENCIES
  sitemap_generator
